GEM
  remote: https://rubygems.org/
  specs:
    addressable (2.8.1)
      public_suffix (>= 2.0.2, < 6.0)
    ansi (1.5.0)
    awesome_print (1.9.2)
    builder (3.2.4)
    coderay (1.1.3)
    colorize (0.8.1)
    crack (0.4.5)
      rexml
    docile (1.4.0)
    dotenv (2.7.6)
    hashdiff (1.0.1)
    httparty (0.17.3)
      mime-types (~> 3.0)
      multi_xml (>= 0.5.2)
    method_source (1.0.0)
    mime-types (3.4.1)
      mime-types-data (~> 3.2015)
    mime-types-data (3.2022.0105)
    minitest (5.14.2)
    minitest-reporters (1.4.2)
      ansi
      builder
      minitest (>= 5.0)
      ruby-progressbar
    minitest-skip (0.0.3)
      minitest (~> 5.0)
    minitest-spec (0.0.2.1)
      minitest (>= 3.0)
    multi_xml (0.6.0)
    pry (0.13.1)
      coderay (~> 1.1)
      method_source (~> 1.0)
    public_suffix (5.0.0)
    rake (13.0.1)
    rexml (3.2.8)
      strscan (>= 3.0.9)
    ruby-progressbar (1.10.1)
    simplecov (0.19.1)
      docile (~> 1.1)
      simplecov-html (~> 0.11)
    simplecov-html (0.12.3)
    strscan (3.1.0)
    table_print (1.5.7)
    terminal-table (1.8.0)
      unicode-display_width (~> 1.1, >= 1.1.1)
    unicode-display_width (1.8.0)
    vcr (6.0.0)
    webmock (3.18.1)
      addressable (>= 2.8.0)
      crack (>= 0.3.2)
      hashdiff (>= 0.4.0, < 2.0.0)

PLATFORMS
  ruby

DEPENDENCIES
  awesome_print (~> 1.8)
  colorize (~> 0.8.1)
  dotenv (~> 2.7, >= 2.7.6)
  httparty (~> 0.17.3)
  minitest
  minitest-reporters
  minitest-skip
  minitest-spec
  pry
  rake
  simplecov (~> 0.19.0)
  table_print (~> 1.5, >= 1.5.7)
  terminal-table (~> 1.8)
  vcr (~> 6.0)
  webmock (~> 3.9, >= 3.9.1)

BUNDLED WITH
   2.1.4
